GEM
  remote: https://rubygems.org/
  specs:
    activesupport (6.0.3.2)
      concurrent-ruby (~> 1.0, >= 1.0.2)
      i18n (>= 0.7, < 2)
      minitest (~> 5.1)
      tzinfo (~> 1.1)
      zeitwerk (~> 2.2, >= 2.2.2)
    celluloid (0.16.0)
      timers (~> 4.0.0)
    coderay (1.1.2)
    concurrent-ruby (1.1.7)
    excon (0.76.0)
    ffi (1.13.1)
    hitimes (2.0.0)
    i18n (1.8.5)
      concurrent-ruby (~> 1.0)
    json (1.8.6)
    listen (2.10.1)
      celluloid (~> 0.16.0)
      rb-fsevent (>= 0.9.3)
      rb-inotify (>= 0.9)
    mail (2.7.1)
      mini_mime (>= 0.1.1)
    maildir (2.2.3)
    mailman (0.7.3)
      activesupport (>= 2.3.4)
      i18n (>= 0.4.1)
      listen (~> 2.2)
      mail (>= 2.0.3)
      maildir (>= 0.5.0)
    mandrill-api (1.0.53)
      excon (>= 0.16.0, < 1.0)
      json (>= 1.7.7, < 2.0)
    method_source (0.9.0)
    mini_mime (1.0.2)
    minitest (5.14.1)
    pry (0.11.3)
      coderay (~> 1.1.0)
      method_source (~> 0.9.0)
    rb-fsevent (0.10.4)
    rb-inotify (0.10.1)
      ffi (~> 1.0)
    thread_safe (0.3.6)
    timers (4.0.4)
      hitimes
    tzinfo (1.2.7)
      thread_safe (~> 0.1)
    zeitwerk (2.4.0)

PLATFORMS
  ruby

DEPENDENCIES
  mail
  mailman
  mandrill-api
  pry

RUBY VERSION
   ruby 2.7.1p83

BUNDLED WITH
   2.1.4
